GEM
  specs:
    json (1.8.1)
    mini_portile (0.6.0)
    nokogiri (1.6.3.1)
      mini_portile (= 0.6.0)
    oauth (0.4.7)

PLATFORMS
  ruby

DEPENDENCIES
  json
  nokogiri
  oauth
