GEM
  specs:
    json (1.8.1)
    oauth (0.4.7)

PLATFORMS
  ruby

DEPENDENCIES
  json
  oauth
